GEM
  remote: https://rubygems.org/
  specs:
    actionmailer (4.1.4)
      actionpack (= 4.1.4)
      actionview (= 4.1.4)
      mail (~> 2.5.4)
    actionpack (4.1.4)
      actionview (= 4.1.4)
      activesupport (= 4.1.4)
      rack (~> 1.5.2)
      rack-test (~> 0.6.2)
    actionview (4.1.4)
      activesupport (= 4.1.4)
      builder (~> 3.1)
      erubis (~> 2.7.0)
    activemodel (4.1.4)
      activesupport (= 4.1.4)
      builder (~> 3.1)
    activerecord (4.1.4)
      activemodel (= 4.1.4)
      activesupport (= 4.1.4)
      arel (~> 5.0.0)
    activesupport (4.1.4)
      i18n (~> 0.6, >= 0.6.9)
      json (~> 1.7, >= 1.7.7)
      minitest (~> 5.1)
      thread_safe (~> 0.1)
      tzinfo (~> 1.1)
    airbrussh (1.1.2)
      sshkit (>= 1.6.1, != 1.7.0)
    arel (5.0.1.20140414130214)
    builder (3.2.3)
    capistrano (3.8.0)
      airbrussh (>= 1.0.0)
      i18n
      rake (>= 10.0.0)
      sshkit (>= 1.9.0)
    capistrano-bundler (1.2.0)
      capistrano (~> 3.1)
      sshkit (~> 1.2)
    capistrano-rails (1.2.3)
      capistrano (~> 3.1)
      capistrano-bundler (~> 1.1)
    capistrano-rvm (0.1.2)
      capistrano (~> 3.0)
      sshkit (~> 1.2)
    capistrano-sidekiq (0.10.0)
      capistrano
      sidekiq (>= 3.4)
    capistrano3-puma (3.0.1)
      capistrano (~> 3.7)
      capistrano-bundler
      puma (~> 3.4)
    chronic (0.10.2)
    concurrent-ruby (1.0.5)
    connection_pool (2.2.1)
    dotenv (2.2.0)
    dotenv-rails (2.2.0)
      dotenv (= 2.2.0)
      railties (>= 3.2, < 5.1)
    erubis (2.7.0)
    execjs (2.7.0)
    faraday (0.11.0)
      multipart-post (>= 1.2, < 3)
    forecast_io (2.0.1)
      faraday
      hashie
      multi_json
    foundation-rails (5.5.0.0)
      railties (>= 3.1.0)
      sass (>= 3.2.0, < 3.4)
    geocoder (1.4.3)
    hashie (3.5.5)
    hike (1.2.3)
    i18n (0.8.1)
    jquery-rails (3.1.4)
      railties (>= 3.0, < 5.0)
      thor (>= 0.14, < 2.0)
    json (1.8.6)
    mail (2.5.4)
      mime-types (~> 1.16)
      treetop (~> 1.4.8)
    mime-types (1.25.1)
    minitest (5.10.1)
    multi_json (1.12.1)
    multipart-post (2.0.0)
    net-scp (1.2.1)
      net-ssh (>= 2.6.5)
    net-ssh (4.1.0)
    pg (0.20.0)
    polyglot (0.3.5)
    puma (3.8.2)
    rack (1.5.5)
    rack-protection (1.5.3)
      rack
    rack-test (0.6.3)
      rack (>= 1.0)
    rails (4.1.4)
      actionmailer (= 4.1.4)
      actionpack (= 4.1.4)
      actionview (= 4.1.4)
      activemodel (= 4.1.4)
      activerecord (= 4.1.4)
      activesupport (= 4.1.4)
      bundler (>= 1.3.0, < 2.0)
      railties (= 4.1.4)
      sprockets-rails (~> 2.0)
    railties (4.1.4)
      actionpack (= 4.1.4)
      activesupport (= 4.1.4)
      rake (>= 0.8.7)
      thor (>= 0.18.1, < 2.0)
    rake (12.0.0)
    redis (3.3.3)
    sass (3.2.19)
    sass-rails (4.0.5)
      railties (>= 4.0.0, < 5.0)
      sass (~> 3.2.2)
      sprockets (~> 2.8, < 3.0)
      sprockets-rails (~> 2.0)
    sidekiq (4.2.10)
      concurrent-ruby (~> 1.0)
      connection_pool (~> 2.2, >= 2.2.0)
      rack-protection (>= 1.5.0)
      redis (~> 3.2, >= 3.2.1)
    sinatra (1.4.8)
      rack (~> 1.5)
      rack-protection (~> 1.4)
      tilt (>= 1.3, < 3)
    spring (1.7.2)
    sprockets (2.12.4)
      hike (~> 1.2)
      multi_json (~> 1.0)
      rack (~> 1.0)
      tilt (~> 1.1, != 1.3.0)
    sprockets-rails (2.3.3)
      actionpack (>= 3.0)
      activesupport (>= 3.0)
      sprockets (>= 2.8, < 4.0)
    sshkit (1.12.0)
      net-scp (>= 1.1.2)
      net-ssh (>= 2.8.0)
    thor (0.19.4)
    thread_safe (0.3.6)
    tilt (1.4.1)
    treetop (1.4.15)
      polyglot
      polyglot (>= 0.3.1)
    tzinfo (1.2.2)
      thread_safe (~> 0.1)
    uglifier (3.1.9)
      execjs (>= 0.3.0, < 3)
    whenever (0.9.7)
      chronic (>= 0.6.3)

PLATFORMS
  ruby

DEPENDENCIES
  capistrano (~> 3.0)
  capistrano-bundler
  capistrano-rails
  capistrano-rvm
  capistrano-sidekiq
  capistrano3-puma
  dotenv-rails
  forecast_io
  foundation-rails
  geocoder
  jquery-rails
  pg
  puma
  rails (= 4.1.4)
  sass-rails (~> 4.0.3)
  sidekiq
  sinatra
  spring
  uglifier (>= 1.3.0)
  whenever
